GEM
  remote: http://www.rubygems.org/
  specs:
    RubyInline (3.11.2)
      ZenTest (~> 4.3)
    ZenTest (4.7.0)
    activesupport (3.0.9)
    addressable (2.2.6)
    classifier (1.3.1)
      stemmer (>= 1.0.0)
    daemons (1.1.4)
    eventmachine (0.12.10)
    faraday (0.5.7)
      addressable (~> 2.2.4)
      multipart-post (~> 1.1.0)
      rack (>= 1.1.0, < 2)
    fuzzy-string-match (0.9.3)
      RubyInline (>= 3.8.6)
      RubyInline (>= 3.8.6)
    http_parser.rb (0.5.1)
    mime-types (1.16)
    multipart-post (1.1.3)
    nokogiri (1.5.0)
    rack (1.3.2)
    simple_oauth (0.1.5)
    stemmer (1.0.1)
    tinder (1.4.4)
      activesupport
      eventmachine
      faraday (~> 0.5.1)
      mime-types
      multipart-post
      twitter-stream
    twitter-stream (0.1.14)
      eventmachine (>= 0.12.8)
      http_parser.rb (~> 0.5.1)
      simple_oauth (~> 0.1.4)
    twss (0.0.5)
      classifier (= 1.3.1)
    xmpp4r (0.5)

PLATFORMS
  ruby

DEPENDENCIES
  daemons
  fuzzy-string-match
  nokogiri
  tinder
  twss
  xmpp4r
