GIT
  remote: git://github.com/where/smackr.git
  revision: d1a5ed0e734b2b6847620ba42d53ef080c38de70
  specs:
    smackr (0.0.3.a-java)

GIT
  remote: https://github.com/g1nn13/em-timers.git
  revision: c42402a1444a9d9e332c9136881bbec6c4ab23bc
  specs:
    em-timers (0.2.0)
      eventmachine

GIT
  remote: https://github.com/whitehat101/xmpp4r.git
  revision: c305802ca2b7dcfdd41853935a234d3688e7251f
  specs:
    xmpp4r (0.5)

GEM
  remote: https://rubygems.org/
  specs:
    activesupport (3.0.9)
    addressable (2.2.6)
    amatch (0.2.10)
      tins (~> 0.3)
    classifier (1.3.1)
      stemmer (>= 1.0.0)
    colored (1.2)
    daemons (1.1.8)
    eventmachine (0.12.10)
    eventmachine (0.12.10-java)
    faraday (0.5.7)
      addressable (~> 2.2.4)
      multipart-post (~> 1.1.0)
      rack (>= 1.1.0, < 2)
    http_parser.rb (0.5.1)
    http_parser.rb (0.5.1-java)
    mime-types (1.16)
    multipart-post (1.1.3)
    nokogiri (1.5.0)
    nokogiri (1.5.0-java)
    rack (1.3.2)
    simple_oauth (0.1.5)
    spoon (0.0.1)
    stemmer (1.0.1)
    tinder (1.4.4)
      activesupport
      eventmachine
      faraday (~> 0.5.1)
      mime-types
      multipart-post
      twitter-stream
    tins (0.3.12)
    twitter-stream (0.1.14)
      eventmachine (>= 0.12.8)
      http_parser.rb (~> 0.5.1)
      simple_oauth (~> 0.1.4)
    twss (0.0.5)
      classifier (= 1.3.1)

PLATFORMS
  java
  ruby

DEPENDENCIES
  amatch
  colored (~> 1.2)
  daemons
  em-timers!
  nokogiri
  smackr (= 0.0.3.a)!
  spoon
  tinder
  twss
  xmpp4r!
